PATH
  remote: .
  specs:
    flu_shot (0.3.0)

GEM
  remote: https://rubygems.org/
  specs:
    minitest (5.14.0)
    mocha (1.11.2)
    rake (13.0.1)
    redis (4.1.3)

PLATFORMS
  ruby

DEPENDENCIES
  bundler
  flu_shot!
  minitest (~> 5.0)
  mocha (~> 1.11.0)
  rake
  redis (~> 4.1.0)

BUNDLED WITH
   1.17.2
