PATH
  remote: .
  specs:
    flu_shot (0.1.0)

GEM
  remote: https://rubygems.org/
  specs:
    minitest (5.14.0)
    mocha (1.11.2)
    rake (10.5.0)

PLATFORMS
  ruby

DEPENDENCIES
  bundler (~> 1.17)
  flu_shot!
  minitest (~> 5.0)
  mocha (~> 1.11.0)
  rake (~> 10.0)

BUNDLED WITH
   1.17.2
